GEM
  remote: https://rubygems.org/
  remote: http://192.168.80.98:7000/
  specs:
    addressable (2.3.4)
    arr-pm (0.0.8)
      cabin (> 0)
    backports (3.3.0)
    cabin (0.6.0)
    childprocess (0.3.9)
      ffi (~> 1.0, >= 1.0.11)
    chronic_duration (0.10.2)
      numerizer (~> 0.1.1)
    clamp (0.6.0)
    coderay (1.0.9)
    ffi (1.8.1)
    fpm (0.4.36)
      arr-pm (~> 0.0.8)
      backports (>= 2.6.2)
      cabin (>= 0.6.0)
      childprocess
      clamp (= 0.6.0)
      ftw (~> 0.0.30)
      json (~> 1.7.7)
    ftw (0.0.34)
      addressable
      backports (>= 2.6.2)
      cabin (> 0)
      http_parser.rb (= 0.5.3)
    http_parser.rb (0.5.3)
    ipaddress (0.8.0)
    json (1.7.7)
    method_source (0.8.1)
    mime-types (1.23)
    mixlib-cli (1.3.0)
    mixlib-config (1.1.2)
    mixlib-log (1.6.0)
    mixlib-shellout (1.1.0)
    numerizer (0.1.1)
    ohai (6.16.0)
      ipaddress
      mixlib-cli
      mixlib-config
      mixlib-log
      mixlib-shellout
      systemu
      yajl-ruby
    omnibus (0.4.6)
      fpm (~> 0.4)
      mixlib-shellout (~> 1.0)
      ohai (>= 0.6.12)
      rake (>= 0.9)
      uber-s3
    omnibus-software (0.0.9)
    pry (0.9.12.2)
      coderay (~> 1.0.5)
      method_source (~> 0.8)
      slop (~> 3.4)
    rake (10.0.4)
    slop (3.4.5)
    systemu (2.5.2)
    uber-s3 (0.2.4)
      mime-types (~> 1.17)
    vagrant-wrapper (1.2.1)
    yajl-ruby (1.1.0)

PLATFORMS
  ruby

DEPENDENCIES
  chronic_duration
  ffi (~> 1.3)
  mixlib-shellout
  omnibus (= 0.4.6)
  omnibus-software
  pry
  vagrant-wrapper
