GEM
  remote: https://rubygems.org/
  remote: http://192.168.80.98:7000/
  specs:
    fpm (0.3.11)
      json
    ipaddress (0.8.0)
    json (1.7.6)
    mime-types (1.19)
    mixlib-cli (1.2.2)
    mixlib-config (1.1.2)
    mixlib-log (1.4.1)
    mixlib-shellout (1.1.0)
    ohai (6.14.0)
      ipaddress
      mixlib-cli
      mixlib-config
      mixlib-log
      systemu
      yajl-ruby
    omnibus (0.1)
      fpm (= 0.3.11)
      mixlib-shellout (~> 1.0)
      ohai (>= 0.6.12)
      rake (>= 0.9)
      uber-s3
    omnibus-software (0.0.3)
    rake (10.0.3)
    systemu (2.5.2)
    uber-s3 (0.2.4)
      mime-types (~> 1.17)
    yajl-ruby (1.1.0)

PLATFORMS
  ruby

DEPENDENCIES
  omnibus
  omnibus-software
