GIT
  remote: git://github.com/chetan/omnibus-software-gpg.git
  revision: aaf97d99eaedcadb867c90e0207a2093f7eb03fc
  specs:
    omnibus-software-gpg (0.1)

GIT
  remote: https://github.com/chetan/omnibus-ruby.git
  revision: a2cb69cc01f2b1ec25f3239b6170d26e03a86097
  branch: bixby
  specs:
    omnibus (1.2.0)
      fpm (~> 0.4.33)
      mixlib-config (~> 1.1.2)
      mixlib-shellout (~> 1.0)
      ohai (>= 0.6.12)
      rake (>= 0.9)
      thor (>= 0.16.0)
      uber-s3

GIT
  remote: https://github.com/chetan/omnibus-software.git
  revision: db500a62917c75dab6f17ff5167375d237116a4b
  branch: bixby
  specs:
    omnibus-software (0.0.9)

GEM
  remote: https://rubygems.org/
  specs:
    addressable (2.3.5)
    arr-pm (0.0.9)
      cabin (> 0)
    backports (3.6.0)
    cabin (0.6.1)
    childprocess (0.5.1)
      ffi (~> 1.0, >= 1.0.11)
    chronic_duration (0.10.4)
      numerizer (~> 0.1.1)
    clamp (0.6.3)
    coderay (1.1.0)
    ffi (1.9.3)
    fpm (0.4.42)
      arr-pm (~> 0.0.8)
      backports (>= 2.6.2)
      cabin (>= 0.6.0)
      childprocess
      clamp (~> 0.6)
      ftw (~> 0.0.30)
      json (>= 1.7.7)
    ftw (0.0.39)
      addressable
      backports (>= 2.6.2)
      cabin (> 0)
      http_parser.rb (= 0.5.3)
    http_parser.rb (0.5.3)
    ipaddress (0.8.0)
    json (1.8.1)
    method_source (0.8.2)
    mime-types (1.25.1)
    mixlib-cli (1.4.0)
    mixlib-config (1.1.2)
    mixlib-log (1.6.0)
    mixlib-shellout (1.3.0)
    numerizer (0.1.1)
    ohai (6.20.0)
      ipaddress
      mixlib-cli
      mixlib-config
      mixlib-log
      mixlib-shellout
      systemu (~> 2.5.2)
      yajl-ruby
    pry (0.9.12.6)
      coderay (~> 1.0)
      method_source (~> 0.8)
      slop (~> 3.4)
    rake (10.1.1)
    slop (3.5.0)
    systemu (2.5.2)
    thor (0.19.0)
    uber-s3 (0.2.4)
      mime-types (~> 1.17)
    vagrant-wrapper (1.2.1.1)
    yajl-ruby (1.2.0)

PLATFORMS
  ruby

DEPENDENCIES
  chronic_duration
  ffi (~> 1.3)
  mixlib-shellout
  omnibus!
  omnibus-software!
  omnibus-software-gpg!
  pry
  vagrant-wrapper
