GEM
  remote: https://rubygems.org/
  remote: http://192.168.80.98:7000/
  specs:
    archive-tar-minitar (0.5.2)
    arr-pm (0.0.8)
      cabin (> 0)
    backports (2.6.2)
    cabin (0.6.0)
    childprocess (0.3.9)
      ffi (~> 1.0, >= 1.0.11)
    chronic_duration (0.10.2)
      numerizer (~> 0.1.1)
    clamp (0.3.1)
    coderay (1.0.9)
    erubis (2.7.0)
    ffi (1.7.0)
    fpm (0.4.33)
      arr-pm (~> 0.0.8)
      backports (= 2.6.2)
      cabin (>= 0.6.0)
      clamp (= 0.3.1)
      json (~> 1.7.7)
      open4
    i18n (0.6.4)
    ipaddress (0.8.0)
    json (1.7.7)
    log4r (1.1.10)
    method_source (0.8.1)
    micromachine (1.0.4)
    mime-types (1.22)
    mixlib-cli (1.3.0)
    mixlib-config (1.1.2)
    mixlib-log (1.6.0)
    mixlib-shellout (1.1.0)
    net-scp (1.0.4)
      net-ssh (>= 1.99.1)
    net-ssh (2.2.2)
    numerizer (0.1.1)
    ohai (6.16.0)
      ipaddress
      mixlib-cli
      mixlib-config
      mixlib-log
      mixlib-shellout
      systemu
      yajl-ruby
    omnibus (0.4.6)
      fpm (~> 0.4)
      mixlib-shellout (~> 1.0)
      ohai (>= 0.6.12)
      rake (>= 0.9)
      uber-s3
    omnibus-software (0.0.8)
    open4 (1.3.0)
    pry (0.9.12)
      coderay (~> 1.0.5)
      method_source (~> 0.8)
      slop (~> 3.4)
    rake (10.0.4)
    slop (3.4.4)
    systemu (2.5.2)
    uber-s3 (0.2.4)
      mime-types (~> 1.17)
    vagrant (1.0.7)
      archive-tar-minitar (= 0.5.2)
      childprocess (~> 0.3.1)
      erubis (~> 2.7.0)
      i18n (~> 0.6.0)
      json (>= 1.5.1, < 1.8.0)
      log4r (~> 1.1.9)
      net-scp (~> 1.0.4)
      net-ssh (~> 2.2.2)
    vagrant-vbguest (0.7.1)
      i18n (~> 0.6.0)
      log4r (~> 1.1.9)
      micromachine (~> 1.0.4)
    yajl-ruby (1.1.0)

PLATFORMS
  ruby

DEPENDENCIES
  chronic_duration
  ffi (~> 1.3)
  omnibus
  omnibus-software
  pry
  vagrant (>= 1.0)
  vagrant-vbguest
