GEM
  remote: https://rubygems.org/
  remote: http://192.168.80.98:7000/
  specs:
    archive-tar-minitar (0.5.2)
    childprocess (0.3.6)
      ffi (~> 1.0, >= 1.0.6)
    erubis (2.7.0)
    ffi (1.3.1)
    fpm (0.3.11)
      json
    i18n (0.6.1)
    ipaddress (0.8.0)
    json (1.5.4)
    log4r (1.1.10)
    mime-types (1.19)
    mixlib-cli (1.2.2)
    mixlib-config (1.1.2)
    mixlib-log (1.4.1)
    mixlib-shellout (1.1.0)
    net-scp (1.0.4)
      net-ssh (>= 1.99.1)
    net-ssh (2.2.2)
    ohai (6.14.0)
      ipaddress
      mixlib-cli
      mixlib-config
      mixlib-log
      systemu
      yajl-ruby
    omnibus (0.1)
      fpm (= 0.3.11)
      mixlib-shellout (~> 1.0)
      ohai (>= 0.6.12)
      rake (>= 0.9)
      uber-s3
    omnibus-software (0.0.4)
    rake (10.0.3)
    systemu (2.5.2)
    uber-s3 (0.2.4)
      mime-types (~> 1.17)
    vagrant (1.0.5)
      archive-tar-minitar (= 0.5.2)
      childprocess (~> 0.3.1)
      erubis (~> 2.7.0)
      i18n (~> 0.6.0)
      json (~> 1.5.1)
      log4r (~> 1.1.9)
      net-scp (~> 1.0.4)
      net-ssh (~> 2.2.2)
    yajl-ruby (1.1.0)

PLATFORMS
  ruby

DEPENDENCIES
  ffi (~> 1.3)
  omnibus
  omnibus-software
  vagrant (>= 1.0)
