GIT
  remote: git://github.com/chetan/omnibus-software-gpg.git
  revision: 605af3ff987520564f7b0f86136ed29ff69e4e71
  specs:
    omnibus-software-gpg (0.1)

GIT
  remote: https://github.com/chetan/omnibus-ruby.git
  revision: 4d26acc22740e42311d3ec247f4476326e0c24c5
  branch: bixby
  specs:
    omnibus (2.0.1)
      fpm (~> 1.0.0)
      mixlib-config (~> 2.1)
      mixlib-shellout (~> 1.3)
      ohai (~> 6.12)
      rake
      thor (>= 0.16.0)
      uber-s3

GIT
  remote: https://github.com/chetan/omnibus-software.git
  revision: 7d3da40e3a7cff41a3620046e2e8a05082400aa3
  branch: bixby
  specs:
    omnibus-software (0.0.9)

GEM
  remote: https://rubygems.org/
  specs:
    addressable (2.3.5)
    arr-pm (0.0.9)
      cabin (> 0)
    backports (3.6.0)
    cabin (0.6.1)
    childprocess (0.5.1)
      ffi (~> 1.0, >= 1.0.11)
    chronic_duration (0.10.4)
      numerizer (~> 0.1.1)
    clamp (0.6.3)
    coderay (1.1.0)
    ffi (1.9.3)
    fpm (1.0.2)
      arr-pm (~> 0.0.8)
      backports (>= 2.6.2)
      cabin (>= 0.6.0)
      childprocess
      clamp (~> 0.6)
      ffi
      ftw (~> 0.0.30)
      json (>= 1.7.7)
    ftw (0.0.39)
      addressable
      backports (>= 2.6.2)
      cabin (> 0)
      http_parser.rb (= 0.5.3)
    http_parser.rb (0.5.3)
    ipaddress (0.8.0)
    json (1.8.1)
    method_source (0.8.2)
    mime-types (1.25.1)
    mixlib-cli (1.4.0)
    mixlib-config (2.1.0)
    mixlib-log (1.6.0)
    mixlib-shellout (1.3.0)
    numerizer (0.1.1)
    ohai (6.20.0)
      ipaddress
      mixlib-cli
      mixlib-config
      mixlib-log
      mixlib-shellout
      systemu (~> 2.5.2)
      yajl-ruby
    pry (0.9.12.6)
      coderay (~> 1.0)
      method_source (~> 0.8)
      slop (~> 3.4)
    rake (10.1.1)
    slop (3.5.0)
    systemu (2.5.2)
    thor (0.19.0)
    uber-s3 (0.2.4)
      mime-types (~> 1.17)
    vagrant-wrapper (1.2.1.1)
    yajl-ruby (1.2.0)

PLATFORMS
  ruby

DEPENDENCIES
  chronic_duration
  ffi (~> 1.3)
  mixlib-shellout
  omnibus!
  omnibus-software!
  omnibus-software-gpg!
  pry
  vagrant-wrapper
